GEM
  remote: https://rubygems.org/
  specs:
    json (1.8.3)
    multi_json (1.11.2)
    netrc (0.7.9)
    rack (1.6.4)
    rack-protection (1.5.3)
      rack
    redis (3.2.2)
    redis-namespace (1.5.2)
      redis (~> 3.0, >= 3.0.4)
    resque (1.22.0)
      multi_json (~> 1.0)
      redis-namespace (~> 1.0)
      sinatra (>= 0.9.2)
      vegas (~> 0.1.2)
    rest_client (1.8.3)
      netrc (~> 0.7.7)
    sinatra (1.4.6)
      rack (~> 1.4)
      rack-protection (~> 1.4)
      tilt (>= 1.3, < 3)
    tilt (2.0.2)
    vegas (0.1.11)
      rack (>= 1.0.0)

PLATFORMS
  ruby

DEPENDENCIES
  json
  redis
  resque (~> 1.22.0)
  rest_client
  sinatra

BUNDLED WITH
   1.10.6
