GEM
  remote: https://rubygems.org/
  specs:
    aws-sdk (2.2.11)
      aws-sdk-resources (= 2.2.11)
    aws-sdk-core (2.2.11)
      jmespath (~> 1.0)
    aws-sdk-resources (2.2.11)
      aws-sdk-core (= 2.2.11)
    colorator (0.1)
    ffi (1.9.10)
    jekyll (3.0.1)
      colorator (~> 0.1)
      jekyll-sass-converter (~> 1.0)
      jekyll-watch (~> 1.1)
      kramdown (~> 1.3)
      liquid (~> 3.0)
      mercenary (~> 0.3.3)
      rouge (~> 1.7)
      safe_yaml (~> 1.0)
    jekyll-sass-converter (1.3.0)
      sass (~> 3.2)
    jekyll-watch (1.3.0)
      listen (~> 3.0)
    jmespath (1.1.3)
    json (1.8.3)
    kramdown (1.9.0)
    liquid (3.0.6)
    listen (3.0.5)
      rb-fsevent (>= 0.9.3)
      rb-inotify (>= 0.9)
    mercenary (0.3.5)
    multi_json (1.11.2)
    netrc (0.7.9)
    rack (1.6.4)
    rack-protection (1.5.3)
      rack
    rb-fsevent (0.9.6)
    rb-inotify (0.9.5)
      ffi (>= 0.5.0)
    redis (3.2.2)
    redis-namespace (1.5.2)
      redis (~> 3.0, >= 3.0.4)
    resque (1.22.0)
      multi_json (~> 1.0)
      redis-namespace (~> 1.0)
      sinatra (>= 0.9.2)
      vegas (~> 0.1.2)
    rest_client (1.8.3)
      netrc (~> 0.7.7)
    rouge (1.10.1)
    safe_yaml (1.0.4)
    sass (3.4.19)
    sinatra (1.4.6)
      rack (~> 1.4)
      rack-protection (~> 1.4)
      tilt (>= 1.3, < 3)
    tilt (2.0.2)
    vegas (0.1.11)
      rack (>= 1.0.0)

PLATFORMS
  ruby

DEPENDENCIES
  aws-sdk (~> 2)
  jekyll
  json
  redis
  resque (~> 1.22.0)
  rest_client
  sinatra

BUNDLED WITH
   1.10.6
